GEM
  remote: https://rubygems.org/
  specs:
    diff-lcs (1.3)
    rspec (3.0.0)
      rspec-core (~> 3.0.0)
      rspec-expectations (~> 3.0.0)
      rspec-mocks (~> 3.0.0)
    rspec-core (3.0.4)
      rspec-support (~> 3.0.0)
    rspec-expectations (3.0.4)
      diff-lcs (>= 1.2.0, < 2.0)
      rspec-support (~> 3.0.0)
    rspec-mocks (3.0.4)
      rspec-support (~> 3.0.0)
    rspec-support (3.0.4)
    ruby-dictionary (1.1.1)

PLATFORMS
  ruby

DEPENDENCIES
  diff-lcs (~> 1.3)
  rspec (~> 3.0)
  ruby-dictionary (~> 1.1, >= 1.1.1)

RUBY VERSION
   ruby 2.3.4p301

BUNDLED WITH
   1.17.3
